GEM
  remote: http://rubygems.org/
  specs:
    closure-compiler (1.1.1)
    fewer (0.3.0)
      rack
    fileutils (0.7)
      rmagick (>= 2.13.1)
    rack (1.3.0)
    rmagick (2.13.1)

PLATFORMS
  ruby

DEPENDENCIES
  closure-compiler
  fewer
  fileutils
